PATH
  remote: .
  specs:
    msk (1.0.0)

GEM
  remote: https://rubygems.org/
  specs:
    rake (10.3.2)

PLATFORMS
  ruby

DEPENDENCIES
  msk!
  rake
